PATH
  remote: .
  specs:
    dokuen (0.0.1)
      thor

GEM
  remote: http://rubygems.org/
  specs:
    rake (0.9.2.2)
    thor (0.14.6)

PLATFORMS
  ruby

DEPENDENCIES
  dokuen!
  rake
