PATH
  remote: .
  specs:
    dokuen (0.0.1)
      foreman
      mason
      thor

GEM
  remote: http://rubygems.org/
  specs:
    foreman (0.87.2)
    mason (0.1.0)
      thor
    rake (13.0.1)
    thor (1.0.1)

PLATFORMS
  ruby

DEPENDENCIES
  dokuen!
  rake
