PATH
  remote: .
  specs:
    dokuen (0.0.12)
      foreman
      mason (>= 0.1.0)
      thor

GEM
  remote: http://rubygems.org/
  specs:
    diff-lcs (1.1.3)
    foreman (0.41.0)
      thor (>= 0.13.6)
    mason (0.1.0)
      thor
    rake (0.9.2.2)
    rspec (2.10.0)
      rspec-core (~> 2.10.0)
      rspec-expectations (~> 2.10.0)
      rspec-mocks (~> 2.10.0)
    rspec-core (2.10.1)
    rspec-expectations (2.10.0)
      diff-lcs (~> 1.1.3)
    rspec-mocks (2.10.1)
    thor (0.15.2)

PLATFORMS
  ruby

DEPENDENCIES
  dokuen!
  rake
  rspec
  rspec-mocks
